PATH
  remote: .
  specs:
    scrapmobi (0.0.1)
      erubis
      gli
      json
      mail
      nokogiri
      rest-client
      rubyzip

GEM
  remote: https://rubygems.org/
  specs:
    aruba (0.5.3)
      childprocess (>= 0.3.6)
      cucumber (>= 1.1.1)
      rspec-expectations (>= 2.7.0)
    builder (3.2.2)
    childprocess (0.3.9)
      ffi (~> 1.0, >= 1.0.11)
    cucumber (1.3.8)
      builder (>= 2.1.2)
      diff-lcs (>= 1.1.3)
      gherkin (~> 2.12.1)
      multi_json (>= 1.7.5, < 2.0)
      multi_test (>= 0.0.2)
    diff-lcs (1.2.4)
    erubis (2.7.0)
    ffi (1.9.0)
    ffi (1.9.0-x86-mingw32)
    gherkin (2.12.2)
      multi_json (~> 1.3)
    gherkin (2.12.2-x86-mingw32)
      multi_json (~> 1.3)
    gli (2.8.1)
    json (1.8.1)
    mail (2.5.4)
      mime-types (~> 1.16)
      treetop (~> 1.4.8)
    mime-types (1.25)
    mini_portile (0.5.2)
    multi_json (1.8.2)
    multi_test (0.0.2)
    nokogiri (1.6.0)
      mini_portile (~> 0.5.0)
    nokogiri (1.6.0-x86-mingw32)
      mini_portile (~> 0.5.0)
    polyglot (0.3.3)
    rake (10.1.0)
    rdoc (4.0.1)
      json (~> 1.4)
    rest-client (1.6.7)
      mime-types (>= 1.16)
    rspec-expectations (2.14.3)
      diff-lcs (>= 1.1.3, < 2.0)
    rubyzip (1.0.0)
    treetop (1.4.15)
      polyglot
      polyglot (>= 0.3.1)

PLATFORMS
  ruby
  x86-mingw32

DEPENDENCIES
  aruba
  rake
  rdoc
  scrapmobi!
