PATH
  remote: .
  specs:
    dvarmobi (0.0.1)
      erubis
      gli (= 2.5.0)
      nokogiri (= 1.5.5)
      rubyzip

GEM
  remote: http://rubygems.org/
  specs:
    aruba (0.5.1)
      childprocess (~> 0.3.6)
      cucumber (>= 1.1.1)
      rspec-expectations (>= 2.7.0)
    builder (3.1.4)
    childprocess (0.3.6)
      ffi (~> 1.0, >= 1.0.6)
    cucumber (1.2.1)
      builder (>= 2.1.2)
      diff-lcs (>= 1.1.3)
      gherkin (~> 2.11.0)
      json (>= 1.4.6)
    diff-lcs (1.1.3)
    erubis (2.7.0)
    ffi (1.3.0)
    ffi (1.3.0-x86-mingw32)
    gherkin (2.11.5)
      json (>= 1.4.6)
    gherkin (2.11.5-x86-mingw32)
      json (>= 1.4.6)
    gli (2.5.0)
    json (1.7.6)
    nokogiri (1.5.5)
    nokogiri (1.5.5-x86-mingw32)
    rake (10.0.3)
    rdoc (3.12)
      json (~> 1.4)
    rspec-expectations (2.12.1)
      diff-lcs (~> 1.1.3)
    rubyzip (0.9.9)

PLATFORMS
  ruby
  x86-mingw32

DEPENDENCIES
  aruba
  dvarmobi!
  rake
  rdoc
